PATH
  remote: .
  specs:
    git_cloud (0.0.1)
      bitly (~> 0.6.1)
      parseconfig (~> 0.5.2)

GEM
  remote: http://rubygems.org/
  specs:
    addressable (2.2.4)
    bitly (0.6.1)
      crack (>= 0.1.4)
      httparty (>= 0.5.2)
      oauth2 (>= 0.1.1)
    crack (0.1.8)
    diff-lcs (1.1.2)
    faraday (0.5.4)
      addressable (~> 2.2.2)
      multipart-post (~> 1.1.0)
      rack (>= 1.1.0, < 2)
    httparty (0.7.3)
      crack (= 0.1.8)
    mocha (0.9.10)
      rake
    multi_json (0.0.5)
    multipart-post (1.1.0)
    oauth2 (0.1.1)
      faraday (~> 0.5.0)
      multi_json (~> 0.0.4)
    parseconfig (0.5.2)
    rack (1.2.1)
    rake (0.8.7)
    rspec (2.4.0)
      rspec-core (~> 2.4.0)
      rspec-expectations (~> 2.4.0)
      rspec-mocks (~> 2.4.0)
    rspec-core (2.4.0)
    rspec-expectations (2.4.0)
      diff-lcs (~> 1.1.2)
    rspec-mocks (2.4.0)

PLATFORMS
  ruby

DEPENDENCIES
  bitly (~> 0.6.1)
  git_cloud!
  mocha (~> 0.9.9)
  parseconfig (~> 0.5.2)
  rspec (~> 2.4.0)
